PATH
  remote: .
  specs:
    cl_format (0.0.1)
      human_numbers
      unicode_utils

GEM
  remote: https://rubygems.org/
  specs:
    ansi (1.5.0)
    builder (3.2.2)
    docile (1.1.5)
    human_numbers (0.1.0)
    json (2.0.2)
    minitest (5.9.0)
    minitest-reporters (1.1.11)
      ansi
      builder
      minitest (>= 5.0)
      ruby-progressbar
    ruby-progressbar (1.8.1)
    simplecov (0.12.0)
      docile (~> 1.1.0)
      json (>= 1.8, < 3)
      simplecov-html (~> 0.10.0)
    simplecov-html (0.10.0)
    unicode_utils (1.4.0)

PLATFORMS
  ruby

DEPENDENCIES
  cl_format!
  minitest-reporters (~> 1.1.11, >= 1.1.11)
  simplecov (~> 0.12.0)

BUNDLED WITH
   1.12.5
